BrainVision Data Exchange Header File Version 1.0
; Data created by the BrainVision Recorder

[Common Infos]
Codepage=UTF-8
DataFile=31_passive_right.eeg
MarkerFile=31_passive_right.vmrk
DataFormat=BINARY
; Data orientation: MULTIPLEXED=ch1,pt1, ch2,pt1 ...
DataOrientation=MULTIPLEXED
NumberOfChannels=8
; Sampling interval in microseconds
SamplingInterval=200

[Binary Infos]
BinaryFormat=INT_16

[Channel Infos]
; Each entry: Ch<Channel number>=<Name>,<Reference channel name>,
; <Resolution in "Unit">,<Unit>, Future extensions..
; Fields are delimited by commas, some fields might be omitted (empty).
; Commas in channel names are coded as "\1".
Ch1=FDI_right,,0.5,µV
Ch2=ADM_right,,0.5,µV
Ch3=SCMR1,,0.5,µV
Ch4=SCMR3,,0.5,µV
Ch5=SCML1,,0.5,µV
Ch6=SCML3,,0.5,µV
Ch7=TRPR,,0.5,µV
Ch8=TRPL,,0.5,µV

[Comment]

BrainVision Recorder Professional   -   V. 1.23.0004


A m p l i f i e r  S e t u p
============================
Number of channels: 8
Sampling Rate [Hz]: 5000
Sampling Interval [µS]: 200

Channels
--------
#     Name      Phys. Chn.    Resolution / Unit   Low Cutoff [s]   High Cutoff [Hz]   Notch [Hz]    Series Res. [kOhm] Gradient         Offset
1     FDI_right   1                0.5 µV             10             1000              Off                0                 
2     ADM_right   2                0.5 µV             10             1000              Off                0                 
3     SCMR1       3                0.5 µV             10             1000              Off                0                 
4     SCMR3       4                0.5 µV             10             1000              Off                0                 
5     SCML1       5                0.5 µV             10             1000              Off                0                 
6     SCML3       6                0.5 µV             10             1000              Off                0                 
7     TRPR        7                0.5 µV             10             1000              Off                0                 
8     TRPL        8                0.5 µV             10             1000              Off                0                 

S o f t w a r e  F i l t e r s
==============================
Disabled


No impedance values available at 15:04:53!
